PATH
  remote: .
  specs:
    glio (0.0.1)

GEM
  remote: http://rubygems.org/
  specs:
    minitest (5.8.4)
    rake (10.5.0)

PLATFORMS
  ruby

DEPENDENCIES
  glio!
  minitest
  rake

BUNDLED WITH
   1.10.6
